PATH
  remote: .
  specs:
    media_types (0.2.5)

GEM
  remote: https://rubygems.org/
  specs:
    ansi (1.5.0)
    awesome_print (1.8.0)
    builder (3.2.3)
    docile (1.3.1)
    json (2.1.0)
    minitest (5.11.3)
    minitest-ci (3.4.0)
      minitest (>= 5.0.6)
    minitest-reporters (1.3.4)
      ansi
      builder
      minitest (>= 5.0)
      ruby-progressbar
    rake (10.5.0)
    ruby-progressbar (1.10.0)
    simplecov (0.16.1)
      docile (~> 1.1)
      json (>= 1.8, < 3)
      simplecov-html (~> 0.10.0)
    simplecov-html (0.10.2)

PLATFORMS
  x64-mingw32

DEPENDENCIES
  awesome_print
  bundler (~> 1.16)
  media_types!
  minitest (~> 5.0)
  minitest-ci
  minitest-reporters
  rake (~> 10.0)
  simplecov

BUNDLED WITH
   1.16.4
